{
    "Modality": "MR",
    "MagneticFieldStrength": 3,
    "ImagingFrequency": 123.252173,
    "Manufacturer": "Siemens",
    "ManufacturersModelName": "MAGNETOM Prisma",
    "InstitutionName": "Hitotsubashi University",
    "InstitutionalDepartmentName": "Neuro Imaging center",
    "InstitutionAddress": "Naka 2-1,Kunitachi-shi,Tokyo,JP,",
    "DeviceSerialNumber": "166334",
    "StationName": "AWP166334",
    "BodyPartExamined": "BRAIN",
    "PatientPosition": "HFS",
    "ProcedureStepDescription": "HIAS Suzuki",
    "SoftwareVersions": "syngo MR XA60",
    "MRAcquisitionType": "2D",
    "SeriesDescription": "SEField1_PA",
    "ProtocolName": "SEField1_PA",
    "ScanningSequence": "EP",
    "SequenceVariant": "SK",
    "ScanOptions": "FS",
    "PulseSequenceName": "epse2d1_86",
    "ImageType": [
        "ORIGINAL",
        "PRIMARY",
        "FMRI",
        "NONE"
    ],
    "ImageTypeText": [
        "ORIGINAL",
        "PRIMARY",
        "M",
        "ND",
        "NORM"
    ],
    "IntendedFor": [
    "ses-02/func/sub-009_ses-02_task-food_run-01_bold.nii.gz",
    "ses-02/func/sub-009_ses-02_task-food_run-02_bold.nii.gz",
    "ses-02/func/sub-009_ses-02_task-food_run-03_bold.nii.gz",
    "ses-02/func/sub-009_ses-02_task-food_run-04_bold.nii.gz"
    ],
    "NonlinearGradientCorrection": false,
    "SeriesNumber": 8,
    "AcquisitionTime": "10:21:32.605000",
    "AcquisitionNumber": 1,
    "ImageComments": "Not for diagnostic use",
    "SliceThickness": 2.4,
    "SpacingBetweenSlices": 2.4,
    "EchoTime": 0.06,
    "RepetitionTime": 6.1,
    "MTState": false,
    "FlipAngle": 90,
    "PartialFourier": 1,
    "BaseResolution": 86,
    "ShimSetting": [
        -3285,
        -7898,
        -7155,
        442,
        -7,
        49,
        -75,
        -17
    ],
    "TxRefAmp": 233.687,
    "PhaseResolution": 1,
    "VendorReportedEchoSpacing": 0.00063,
    "ReceiveCoilName": "Head_32",
    "ReceiveCoilActiveElements": "HEA;HEP",
    "CoilString": "Head_32",
    "PulseSequenceDetails": "%CustomerSeq%\\cmrr_mbep2d_se",
    "WipMemBlock": "55efd523-ea08-492d-8609-cf480570324b||Sequence: R017 nxva60a/main r/452845729; Apr 24 2025 11:02:43 by eja",
    "CoilCombinationMethod": "Sum of Squares",
    "MatrixCoilMode": "SENSE",
    "PercentPhaseFOV": 100,
    "PercentSampling": 100,
    "EchoTrainLength": 86,
    "PhaseEncodingSteps": 86,
    "FrequencyEncodingSteps": 86,
    "AcquisitionMatrixPE": 86,
    "ReconMatrixPE": 86,
    "BandwidthPerPixelPhaseEncode": 18.457,
    "EffectiveEchoSpacing": 0.00063,
    "DerivedVendorReportedEchoSpacing": 0.00063,
    "AcquisitionDuration": 11.98,
    "TotalReadoutTime": 0.05355,
    "PixelBandwidth": 2076,
    "DwellTime": 2.8e-06,
    "PhaseEncodingDirection": "j",
    "SliceTiming": [
        3.04,
        0,
        3.1425,
        0.1025,
        3.2425,
        0.2025,
        3.345,
        0.305,
        3.445,
        0.405,
        3.5475,
        0.5075,
        3.6475,
        0.6075,
        3.75,
        0.71,
        3.85,
        0.81,
        3.9525,
        0.9125,
        4.0525,
        1.0125,
        4.155,
        1.115,
        4.255,
        1.215,
        4.3575,
        1.3175,
        4.4575,
        1.42,
        4.56,
        1.52,
        4.6625,
        1.6225,
        4.7625,
        1.7225,
        4.865,
        1.825,
        4.965,
        1.925,
        5.0675,
        2.0275,
        5.1675,
        2.1275,
        5.27,
        2.23,
        5.37,
        2.33,
        5.4725,
        2.4325,
        5.5725,
        2.5325,
        5.675,
        2.635,
        5.775,
        2.735,
        5.8775,
        2.8375,
        5.9775,
        2.94
    ],
    "ImageOrientationPatientDICOM": [
        0.999304,
        0.0308766,
        0.0209475,
        -0.0319281,
        0.998143,
        0.0518713
    ],
    "InPlanePhaseEncodingDirectionDICOM": "COL",
    "BidsGuess": [
        "fmap",
        "_acq-epse2_dir-PA_run-8_epi"
    ],
    "ConversionSoftware": "dcm2niix",
    "ConversionSoftwareVersion": "v1.0.20240202",
    "Dcm2bidsVersion": "3.2.0"
}