{
    "Modality": "MR",
    "MagneticFieldStrength": 3,
    "ImagingFrequency": 123.252165,
    "Manufacturer": "Siemens",
    "ManufacturersModelName": "MAGNETOM Prisma",
    "InstitutionName": "Hitotsubashi University",
    "InstitutionalDepartmentName": "Neuro Imaging center",
    "InstitutionAddress": "Naka 2-1,Kunitachi-shi,Tokyo,JP,",
    "DeviceSerialNumber": "166334",
    "StationName": "AWP166334",
    "BodyPartExamined": "BRAIN",
    "PatientPosition": "HFS",
    "ProcedureStepDescription": "HIAS Suzuki",
    "SoftwareVersions": "syngo MR XA60",
    "MRAcquisitionType": "2D",
    "SeriesDescription": "BOLD_Food",
    "ProtocolName": "BOLD_Food",
    "ScanningSequence": "EP",
    "SequenceVariant": "SK\\SS",
    "ScanOptions": "FS",
    "PulseSequenceName": "epfid2d1_86",
    "ImageType": [
        "ORIGINAL",
        "PRIMARY",
        "FMRI",
        "NONE"
    ],
    "ImageTypeText": [
        "ORIGINAL",
        "PRIMARY",
        "M",
        "MB",
        "ND",
        "NORM"
    ],
    "NonlinearGradientCorrection": false,
    "SeriesNumber": 12,
    "AcquisitionTime": "15:55:27.087500",
    "AcquisitionNumber": 1,
    "ImageComments": "Not for diagnostic use, Unaliased MB6/PE3/LB",
    "SliceThickness": 2.4,
    "SpacingBetweenSlices": 2.4,
    "EchoTime": 0.0344,
    "RepetitionTime": 0.8,
    "MTState": false,
    "FlipAngle": 52,
    "PartialFourier": 1,
    "BaseResolution": 86,
    "ShimSetting": [
        -3303,
        -7839,
        -7161,
        422,
        -40,
        -73,
        -113,
        39
    ],
    "TxRefAmp": 247.262,
    "PhaseResolution": 1,
    "ReceiveCoilName": "Head_32",
    "ReceiveCoilActiveElements": "HEA;HEP",
    "CoilString": "Head_32",
    "PulseSequenceDetails": "%CustomerSeq%\\cmrr_mbep2d_bold",
    "WipMemBlock": "21d69167-7844-49f8-bfaa-dde5f05ebb7a||Sequence: R017 nxva60a/main r/452845729; Apr 24 2025 10:56:00 by eja",
    "CoilCombinationMethod": "Sum of Squares",
    "MatrixCoilMode": "SENSE",
    "PercentPhaseFOV": 100,
    "PercentSampling": 100,
    "EchoTrainLength": 86,
    "PhaseEncodingSteps": 86,
    "FrequencyEncodingSteps": 86,
    "AcquisitionMatrixPE": 86,
    "ReconMatrixPE": 86,
    "BandwidthPerPixelPhaseEncode": 18.457,
    "EffectiveEchoSpacing": 0.00063,
    "DerivedVendorReportedEchoSpacing": 0.00063,
    "TotalReadoutTime": 0.05355,
    "PixelBandwidth": 2076,
    "DwellTime": 2.8e-06,
    "PhaseEncodingDirection": "j",
    "SliceTiming": [
        0,
        0.5475,
        0.3125,
        0.08,
        0.625,
        0.39,
        0.1575,
        0.7025,
        0.47,
        0.235,
        0,
        0.5475,
        0.3125,
        0.08,
        0.625,
        0.39,
        0.1575,
        0.7025,
        0.47,
        0.235,
        0,
        0.5475,
        0.3125,
        0.08,
        0.625,
        0.39,
        0.1575,
        0.7025,
        0.47,
        0.235,
        0,
        0.5475,
        0.3125,
        0.08,
        0.625,
        0.39,
        0.1575,
        0.7025,
        0.47,
        0.235,
        0,
        0.5475,
        0.3125,
        0.08,
        0.625,
        0.39,
        0.1575,
        0.7025,
        0.47,
        0.235,
        0,
        0.5475,
        0.3125,
        0.08,
        0.625,
        0.39,
        0.1575,
        0.7025,
        0.47,
        0.235
    ],
    "ImageOrientationPatientDICOM": [
        0.997013,
        -0.0476742,
        -0.0607662,
        0.0349907,
        0.980197,
        -0.194909
    ],
    "InPlanePhaseEncodingDirectionDICOM": "COL",
    "BidsGuess": [
        "func",
        "_acq-epfid2_dir-PA_run-12_bold"
    ],
    "ConversionSoftware": "dcm2niix",
    "ConversionSoftwareVersion": "v1.0.20240202",
    "Dcm2bidsVersion": "3.2.0",
    "TaskName": "food",
    "Instructions": "n/a",
    "TaskDescription": "n/a",
    "CogAtlasID": "https://www.cognitiveatlas.org/task/id/trm_55c686e0824e8/",
    "SequenceName": "epfid2d1_86",
    "PartialFourierDirection": "PHASE",
    "ParallelReductionFactorInPlane": 1,
    "ParallelReductionFactorOutOfPlane": 1,
    "CogPOID": "http://www.cogpo.org/ontologies/CogPOnext.owl#COGPO_00001",
    "PulseSequenceDescription": "Multiband gradient-recalled echo-planar imaging"
}