{
    "Modality": "MR",
    "MagneticFieldStrength": 3,
    "ImagingFrequency": 123.252152,
    "Manufacturer": "Siemens",
    "ManufacturersModelName": "MAGNETOM Prisma",
    "InstitutionName": "Hitotsubashi University",
    "InstitutionalDepartmentName": "Neuro Imaging center",
    "InstitutionAddress": "Naka 2-1,Kunitachi-shi,Tokyo,JP,",
    "DeviceSerialNumber": "166334",
    "StationName": "AWP166334",
    "BodyPartExamined": "BRAIN",
    "PatientPosition": "HFS",
    "ProcedureStepDescription": "HIAS Suzuki",
    "SoftwareVersions": "syngo MR XA60",
    "MRAcquisitionType": "2D",
    "SeriesDescription": "SEField1_AP",
    "ProtocolName": "SEField1_AP",
    "ScanningSequence": "EP",
    "SequenceVariant": "SK",
    "ScanOptions": "FS",
    "PulseSequenceName": "epse2d1_86",
    "ImageType": [
        "ORIGINAL",
        "PRIMARY",
        "FMRI",
        "NONE"
    ],
    "ImageTypeText": [
        "ORIGINAL",
        "PRIMARY",
        "M",
        "ND",
        "NORM"
    ],
    "IntendedFor": [
        "ses-03/func/sub-016_ses-03_task-food_run-01_bold.nii.gz",
        "ses-03/func/sub-016_ses-03_task-food_run-02_bold.nii.gz"
    ],
    "NonlinearGradientCorrection": false,
    "SeriesNumber": 7,
    "AcquisitionTime": "15:17:18.845000",
    "AcquisitionNumber": 1,
    "ImageComments": "Not for diagnostic use",
    "SliceThickness": 2.4,
    "SpacingBetweenSlices": 2.4,
    "EchoTime": 0.06,
    "RepetitionTime": 6.1,
    "MTState": false,
    "FlipAngle": 90,
    "PartialFourier": 1,
    "BaseResolution": 86,
    "ShimSetting": [
        -3250,
        -7869,
        -7139,
        411,
        63,
        5,
        -5,
        -22
    ],
    "TxRefAmp": 254.921,
    "PhaseResolution": 1,
    "VendorReportedEchoSpacing": 0.00063,
    "ReceiveCoilName": "Head_32",
    "ReceiveCoilActiveElements": "HEA;HEP",
    "CoilString": "Head_32",
    "PulseSequenceDetails": "%CustomerSeq%\\cmrr_mbep2d_se",
    "WipMemBlock": "0474a9b8-2872-4516-94ef-d95b86d1924e||Sequence: R017 nxva60a/main r/452845729; Apr 24 2025 11:02:43 by eja",
    "CoilCombinationMethod": "Sum of Squares",
    "MatrixCoilMode": "SENSE",
    "PercentPhaseFOV": 100,
    "PercentSampling": 100,
    "EchoTrainLength": 86,
    "PhaseEncodingSteps": 86,
    "FrequencyEncodingSteps": 86,
    "AcquisitionMatrixPE": 86,
    "ReconMatrixPE": 86,
    "BandwidthPerPixelPhaseEncode": 18.457,
    "EffectiveEchoSpacing": 0.00063,
    "DerivedVendorReportedEchoSpacing": 0.00063,
    "AcquisitionDuration": 11.977,
    "TotalReadoutTime": 0.05355,
    "PixelBandwidth": 2076,
    "DwellTime": 2.8e-06,
    "PhaseEncodingDirection": "j-",
    "SliceTiming": [
        3.04,
        0,
        3.1425,
        0.1025,
        3.245,
        0.205,
        3.345,
        0.305,
        3.4475,
        0.4075,
        3.5475,
        0.5075,
        3.65,
        0.61,
        3.75,
        0.71,
        3.8525,
        0.8125,
        3.9525,
        0.9125,
        4.055,
        1.015,
        4.155,
        1.115,
        4.2575,
        1.2175,
        4.3575,
        1.3175,
        4.46,
        1.42,
        4.56,
        1.52,
        4.6625,
        1.6225,
        4.7625,
        1.725,
        4.865,
        1.825,
        4.9675,
        1.9275,
        5.0675,
        2.0275,
        5.17,
        2.13,
        5.27,
        2.23,
        5.3725,
        2.3325,
        5.4725,
        2.4325,
        5.575,
        2.535,
        5.675,
        2.635,
        5.7775,
        2.7375,
        5.8775,
        2.8375,
        5.98,
        2.94
    ],
    "ImageOrientationPatientDICOM": [
        0.999057,
        0.0185194,
        0.0392646,
        -0.0195318,
        0.999483,
        0.0255582
    ],
    "InPlanePhaseEncodingDirectionDICOM": "COL",
    "BidsGuess": [
        "fmap",
        "_acq-epse2_dir-AP_run-7_epi"
    ],
    "ConversionSoftware": "dcm2niix",
    "ConversionSoftwareVersion": "v1.0.20240202",
    "Dcm2bidsVersion": "3.2.0",
    "PulseSequenceType": "EP",
    "SequenceName": "epse2d1_86",
    "PartialFourierDirection": "PHASE",
    "ParallelReductionFactorInPlane": 1,
    "ParallelReductionFactorOutOfPlane": 1,
    "PulseSequenceDescription": "Spin-echo echo-planar imaging"
}