{
    "Modality": "MR",
    "MagneticFieldStrength": 3,
    "ImagingFrequency": 123.252129,
    "Manufacturer": "Siemens",
    "ManufacturersModelName": "MAGNETOM Prisma",
    "InstitutionName": "Hitotsubashi University",
    "InstitutionalDepartmentName": "Neuro Imaging center",
    "InstitutionAddress": "Naka 2-1,Kunitachi-shi,Tokyo,JP,",
    "DeviceSerialNumber": "166334",
    "StationName": "AWP166334",
    "BodyPartExamined": "BRAIN",
    "PatientPosition": "HFS",
    "ProcedureStepDescription": "HIAS Suzuki",
    "SoftwareVersions": "syngo MR XA60",
    "MRAcquisitionType": "2D",
    "SeriesDescription": "SEField1_PA",
    "ProtocolName": "SEField1_PA",
    "ScanningSequence": "EP",
    "SequenceVariant": "SK",
    "ScanOptions": "FS",
    "PulseSequenceName": "epse2d1_86",
    "ImageType": [
        "ORIGINAL",
        "PRIMARY",
        "FMRI",
        "NONE"
    ],
    "ImageTypeText": [
        "ORIGINAL",
        "PRIMARY",
        "M",
        "ND",
        "NORM"
    ],
    "IntendedFor": [
        "ses-03/func/sub-026_ses-03_task-food_run-01_bold.nii.gz",
        "ses-03/func/sub-026_ses-03_task-food_run-02_bold.nii.gz",
        "ses-03/func/sub-026_ses-03_task-food_run-03_bold.nii.gz",
        "ses-03/func/sub-026_ses-03_task-food_run-04_bold.nii.gz"
    ],
    "NonlinearGradientCorrection": false,
    "SeriesNumber": 8,
    "AcquisitionTime": "12:39:51.560000",
    "AcquisitionNumber": 1,
    "ImageComments": "Not for diagnostic use",
    "SliceThickness": 2.4,
    "SpacingBetweenSlices": 2.4,
    "EchoTime": 0.06,
    "RepetitionTime": 6.1,
    "MTState": false,
    "FlipAngle": 90,
    "PartialFourier": 1,
    "BaseResolution": 86,
    "ShimSetting": [
        -3303,
        -7892,
        -7168,
        216,
        -15,
        57,
        -56,
        1
    ],
    "TxRefAmp": 263.255,
    "PhaseResolution": 1,
    "VendorReportedEchoSpacing": 0.00063,
    "ReceiveCoilName": "Head_32",
    "ReceiveCoilActiveElements": "HEA;HEP",
    "CoilString": "Head_32",
    "PulseSequenceDetails": "%CustomerSeq%\\cmrr_mbep2d_se",
    "WipMemBlock": "3816a80d-b4a7-4773-9490-ed9181c32544||Sequence: R017 nxva60a/main r/452845729; Apr 24 2025 11:02:43 by eja",
    "CoilCombinationMethod": "Sum of Squares",
    "MatrixCoilMode": "SENSE",
    "PercentPhaseFOV": 100,
    "PercentSampling": 100,
    "EchoTrainLength": 86,
    "PhaseEncodingSteps": 86,
    "FrequencyEncodingSteps": 86,
    "AcquisitionMatrixPE": 86,
    "ReconMatrixPE": 86,
    "BandwidthPerPixelPhaseEncode": 18.457,
    "EffectiveEchoSpacing": 0.00063,
    "DerivedVendorReportedEchoSpacing": 0.00063,
    "AcquisitionDuration": 11.977,
    "TotalReadoutTime": 0.05355,
    "PixelBandwidth": 2076,
    "DwellTime": 2.8e-06,
    "PhaseEncodingDirection": "j",
    "SliceTiming": [
        3.04,
        0,
        3.1425,
        0.1025,
        3.2425,
        0.2025,
        3.345,
        0.305,
        3.445,
        0.405,
        3.5475,
        0.5075,
        3.6475,
        0.6075,
        3.75,
        0.71,
        3.85,
        0.8125,
        3.9525,
        0.9125,
        4.055,
        1.015,
        4.155,
        1.115,
        4.2575,
        1.2175,
        4.3575,
        1.3175,
        4.46,
        1.42,
        4.56,
        1.52,
        4.6625,
        1.6225,
        4.7625,
        1.7225,
        4.865,
        1.825,
        4.965,
        1.925,
        5.0675,
        2.0275,
        5.1675,
        2.1275,
        5.27,
        2.23,
        5.37,
        2.3325,
        5.4725,
        2.4325,
        5.575,
        2.535,
        5.675,
        2.635,
        5.7775,
        2.7375,
        5.8775,
        2.8375,
        5.98,
        2.94
    ],
    "ImageOrientationPatientDICOM": [
        0.994761,
        0.0954202,
        -0.0366847,
        -0.0926314,
        0.993137,
        0.0714002
    ],
    "InPlanePhaseEncodingDirectionDICOM": "COL",
    "BidsGuess": [
        "fmap",
        "_acq-epse2_dir-PA_run-8_epi"
    ],
    "ConversionSoftware": "dcm2niix",
    "ConversionSoftwareVersion": "v1.0.20240202",
    "Dcm2bidsVersion": "3.2.0",
    "PulseSequenceType": "EP",
    "SequenceName": "epse2d1_86",
    "PartialFourierDirection": "PHASE",
    "ParallelReductionFactorInPlane": 1,
    "ParallelReductionFactorOutOfPlane": 1,
    "PulseSequenceDescription": "Spin-echo echo-planar imaging"
}