{
  "Modality": "MR",
  "MagneticFieldStrength": 3,
  "ImagingFrequency": 123.252225,
  "Manufacturer": "Siemens",
  "ManufacturersModelName": "MAGNETOM Prisma",
  "InstitutionName": "Hitotsubashi University",
  "InstitutionalDepartmentName": "Neuro Imaging center",
  "InstitutionAddress": "Naka 2-1,Kunitachi-shi,Tokyo,JP,",
  "DeviceSerialNumber": "166334",
  "StationName": "AWP166334",
  "BodyPartExamined": "BRAIN",
  "PatientPosition": "HFS",
  "ProcedureStepDescription": "HIAS Suzuki",
  "SoftwareVersions": "syngo MR XA60",
  "MRAcquisitionType": "3D",
  "SeriesDescription": "t1_mprage_sag_p2_iso",
  "ProtocolName": "t1_mprage_sag_p2_iso",
  "ScanningSequence": "GR\\IR",
  "SequenceVariant": "SK\\SP\\MP",
  "ScanOptions": "IR",
  "PulseSequenceName": "*tfl3d1_224ns",
  "ImageType": [
    "ORIGINAL",
    "PRIMARY",
    "M",
    "NONE"
  ],
  "ImageTypeText": [
    "ORIGINAL",
    "PRIMARY",
    "M",
    "NORM",
    "DIS2D"
  ],
  "NonlinearGradientCorrection": true,
  "SeriesNumber": 6,
  "AcquisitionTime": "10:13:53.207500",
  "AcquisitionNumber": 1,
  "SliceThickness": 0.9,
  "EchoTime": 0.00232,
  "RepetitionTime": 2.3,
  "MTState": false,
  "InversionTime": 0.9,
  "FlipAngle": 8,
  "PartialFourier": 1,
  "BaseResolution": 256,
  "ShimSetting": [
    -3283,
    -7867,
    -7354,
    -3,
    1,
    -44,
    -18,
    -14
  ],
  "TxRefAmp": 246.014,
  "PhaseResolution": 1,
  "ReceiveCoilName": "Head_32",
  "ReceiveCoilActiveElements": "HEA;HEP",
  "CoilString": "Head_32",
  "PulseSequenceDetails": "%SiemensSeq%\\tfl",
  "RefLinesPE": 24,
  "CoilCombinationMethod": "Adaptive Combine",
  "MatrixCoilMode": "GRAPPA",
  "PercentPhaseFOV": 100,
  "PercentSampling": 100,
  "PhaseEncodingSteps": 256,
  "FrequencyEncodingSteps": 256,
  "PhaseEncodingStepsOutOfPlane": 192,
  "AcquisitionMatrixPE": 256,
  "ReconMatrixPE": 256,
  "ParallelReductionFactorInPlane": 2,
  "ParallelAcquisitionTechnique": "GRAPPA",
  "AcquisitionDuration": 318.962,
  "PixelBandwidth": 199,
  "DwellTime": 0.0000098,
  "ImageOrientationPatientDICOM": [
    -0.0249506,
    0.999689,
    6.93934E-10,
    -0.0171188,
    -0.000427257,
    -0.999853
  ],
  "InPlanePhaseEncodingDirectionDICOM": "ROW",
  "BidsGuess": [
    "anat",
    "_acq-tfl3p2_run-6_T1w"
  ],
  "ConversionSoftware": "dcm2niix",
  "ConversionSoftwareVersion": "v1.0.20240202",
  "Dcm2bidsVersion": "3.2.0",
  "PulseSequenceType": "MPRAGE"
}
